NUGET
  remote: https://www.nuget.org/api/v2
  specs:
    Deedle (1.2.1)
    Deedle.RPlugin (1.2.1)
      Deedle (>= 1.2.1)
      R.NET.Community (>= 1.6.4)
      R.NET.Community.FSharp (>= 1.6.4)
      RProvider (>= 1.1.12)
    DynamicInterop (0.7.4)
    Foogle.Charts (0.0.5)
    FSharp.Azure.StorageTypeProvider (1.2.0)
    FSharp.Charting (0.90.10)
    FSharp.Core (3.1.2.1)
    FSharp.Data (2.2.3)
      Zlib.Portable (>= 1.10.0) - framework: portable-net40+sl50+wp80+win80
    FsLab (0.3.2)
      Deedle (1.2.1)
      Deedle.RPlugin (1.2.1)
      FSharp.Charting (0.90.10)
      FSharp.Data (2.2.3)
      Foogle.Charts (0.0.5)
      Google.DataTable.Net.Wrapper (3.1.2.0)
      MathNet.Numerics (3.7.0)
      MathNet.Numerics.FSharp (3.7.0)
      Newtonsoft.Json (6.0.8)
      R.NET.Community (1.6.4)
      R.NET.Community.FSharp (1.6.4)
      RProvider (1.1.12)
      XPlot.GoogleCharts (1.2.0)
      XPlot.GoogleCharts.Deedle (1.2.0)
      XPlot.Plotly (1.2.0)
    FsPickler (1.0.18)
    Google.DataTable.Net.Wrapper (3.1.2.0)
    Http.fs (1.5.1)
    MathNet.Numerics (3.7.0)
      TaskParallelLibrary (>= 1.0.2856) - framework: >= net35 < net40
    MathNet.Numerics.FSharp (3.7.0)
      FSharp.Core (>= 3.1.2.1)
      MathNet.Numerics (3.7.0)
    MBrace.Azure (0.6.8-alpha)
      FsPickler (1.0.18)
      MBrace.Core (0.9.11-alpha)
      MBrace.Runtime.Core (0.9.11-alpha)
      Vagabond (0.6.6)
      WindowsAzure.ServiceBus (>= 2.5.2)
      WindowsAzure.Storage (>= 4.3.0)
    MBrace.Azure.Standalone (0.6.8-alpha)
    MBrace.Core (0.9.11-alpha)
    MBrace.Flow (0.9.11-alpha)
      MBrace.Core (0.9.11-alpha)
      Streams (>= 0.2.9)
    MBrace.Runtime.Core (0.9.11-alpha)
      FsPickler (>= 1.0.16)
      MBrace.Core (0.9.11-alpha)
      Unquote (>= 2.2.2)
      Vagabond (>= 0.6.6)
    Microsoft.Data.Edm (5.6.4)
    Microsoft.Data.OData (5.6.4)
      Microsoft.Data.Edm (5.6.4)
      System.Spatial (5.6.4)
    Microsoft.Data.Services.Client (5.6.4) - framework: >= net40
      Microsoft.Data.OData (5.6.4)
    Microsoft.WindowsAzure.ConfigurationManager (3.1.0) - framework: >= net40
    Mono.Cecil (0.9.6.1)
    Newtonsoft.Json (6.0.8)
    R.NET.Community (1.6.4)
      DynamicInterop (0.7.4)
    R.NET.Community.FSharp (1.6.4)
      R.NET.Community (>= 1.6.4)
    RProvider (1.1.12)
      DynamicInterop (0.7.4)
      R.NET.Community (1.6.4)
      R.NET.Community.FSharp (1.6.4)
    Streams (0.3.0)
    System.Spatial (5.6.4)
    TaskParallelLibrary (1.0.2856.0) - framework: >= net35 < net40
    Unquote (3.0.0)
    Vagabond (0.6.6)
      FsPickler (>= 1.0.16)
      Mono.Cecil (>= 0.9.5.4)
    WindowsAzure.ServiceBus (2.7.3)
      Microsoft.WindowsAzure.ConfigurationManager
    WindowsAzure.Storage (4.3.0)
      Microsoft.Data.OData (>= 5.6.2)
      Microsoft.Data.Services.Client (>= 5.6.2) - framework: >= net40
      Microsoft.WindowsAzure.ConfigurationManager (>= 1.8.0.0) - framework: >= net40
      Newtonsoft.Json (>= 5.0.8) - framework: wpv8.0, >= net40
    XPlot.GoogleCharts (1.2.0)
      Google.DataTable.Net.Wrapper
      Newtonsoft.Json
    XPlot.GoogleCharts.Deedle (1.2.0)
      Deedle
      XPlot.GoogleCharts (>= 1.2.0)
    XPlot.Plotly (1.2.0)
      Http.fs
      Newtonsoft.Json
    Zlib.Portable (1.11.0) - framework: portable-net40+sl50+wp80+win80
